PATH
  remote: .
  specs:
    expire_job (0.1.4)
      sidekiq (> 6.0, < 7.0)

GEM
  remote: https://rubygems.org/
  specs:
    connection_pool (2.2.3)
    minitest (5.14.2)
    rack (2.2.3)
    rake (12.3.3)
    redis (4.2.2)
    sidekiq (6.1.2)
      connection_pool (>= 2.2.2)
      rack (~> 2.0)
      redis (>= 4.2.0)

PLATFORMS
  ruby

DEPENDENCIES
  expire_job!
  minitest (~> 5.0)
  rake (~> 12.0)

BUNDLED WITH
   2.1.4
